GEM
  remote: https://rubygems.org/
  specs:
    base64 (0.2.0)
    jwt (2.10.1)
      base64

PLATFORMS
  arm64-darwin-24
  ruby

DEPENDENCIES
  jwt (~> 2.10)

BUNDLED WITH
   2.6.2
